NUGET
  remote: https://www.nuget.org/api/v2
  specs:
    FAKE (4.25.4)
    FParsec (1.0.2)
    FSharp.Collections.ParallelSeq (1.0.2)
    FSharp.Core (4.0.0.1) - redirects: force
    FsVerbalExpressions (0.3.1)
